GIT
  remote: https://github.com/dry-rb/dry-web
  revision: e561c5f80634deee446ddd1b8b4140e93b5a1ca3
  branch: master
  specs:
    dry-web (0.1.0)
      dry-component (~> 0)
      dry-configurable (~> 0.1)
      dry-equalizer (~> 0.2)
      dry-transaction (~> 0.5)
      dry-view (~> 0.1)
      inflecto (~> 0)
      roda (~> 2.7)
      tilt (~> 2.0)

GIT
  remote: https://github.com/dryrb/dry-logic
  revision: 201de80e6a3f359f9836a86fc56be6cb65ddae16
  branch: master
  specs:
    dry-logic (0.2.3)
      dry-container (~> 0.2, >= 0.2.6)
      dry-equalizer (~> 0.2)

GIT
  remote: https://github.com/dryrb/dry-types
  revision: ed7a7f605dfacb08ae57d004a36ee4d53881a610
  branch: master
  specs:
    dry-types (0.7.2)
      concurrent-ruby (~> 1.0)
      dry-configurable (~> 0.1)
      dry-container (~> 0.3)
      dry-equalizer (~> 0.2)
      dry-logic (~> 0.2, >= 0.2.3)
      dry-monads (>= 0.0.1)
      inflecto (~> 0.0.0, >= 0.0.2)

GIT
  remote: https://github.com/dryrb/dry-validation
  revision: d2326778a44c3b3825c21798e82a4c363f11e988
  branch: master
  specs:
    dry-validation (0.7.4)
      concurrent-ruby (~> 1.0)
      dry-configurable (~> 0.1, >= 0.1.3)
      dry-container (~> 0.2, >= 0.2.8)
      dry-equalizer (~> 0.2)
      dry-logic (~> 0.2, >= 0.2.3)
      dry-types (~> 0.7, >= 0.7.2)

GIT
  remote: https://github.com/icelab/formalist
  revision: f5537b4845e6148ef77c1f563d95ada62d35f337
  branch: master
  specs:
    formalist (0.3.0)
      dry-configurable
      dry-container
      dry-types
      inflecto

GIT
  remote: https://github.com/rom-rb/rom
  revision: 61f3d47768a342ae696293793cd4863578b273f6
  specs:
    rom (2.0.0)
      dry-equalizer (~> 0.2)
      dry-types (~> 0.7)
      rom-mapper (~> 0.3.0)
      rom-support (~> 1.0.0)

GIT
  remote: https://github.com/rom-rb/rom-mapper
  revision: 5fecb06bd0cdf227b9f0289c2870ebc4a88f0502
  specs:
    rom-mapper (0.3.0)
      dry-equalizer (~> 0.2)
      rom-support (~> 1.0.0)
      transproc (~> 0.4.0)

GIT
  remote: https://github.com/rom-rb/rom-repository
  revision: 4efc94795e882156e705700d3a46ced08c8e7e0d
  specs:
    rom-repository (0.3.0)
      anima (~> 0.2, >= 0.2)
      concurrent-ruby (~> 1.0)
      rom (~> 2.0)
      rom-mapper (~> 0.3.0)
      rom-support (~> 1.0.0)

GIT
  remote: https://github.com/rom-rb/rom-sql
  revision: ea8a01c6c33ff7a2ed94df0726e333536682ef59
  specs:
    rom-sql (0.8.0)
      dry-equalizer (~> 0.2)
      dry-types (~> 0.7)
      rom (~> 2.0)
      sequel (~> 4.18)

GIT
  remote: https://github.com/rom-rb/rom-support
  revision: 31085bb9a02a68455f2a66dce1fa08fcfd937430
  specs:
    rom-support (1.0.0)
      dry-equalizer (~> 0.2)
      transproc (~> 0.4.0)
      wisper (~> 1.6, >= 1.6.0)

GIT
  remote: https://github.com/solnic/transproc
  revision: ef7cbef5d22fffd53beadf5c28abdb4975a02c45
  specs:
    transproc (0.4.0)

GIT
  remote: https://github.com/timriley/dry-component
  revision: a7bb18a0d89f87b0d5ddb1a7dd40f126d777c614
  branch: import-containers-for-import-module
  specs:
    dry-component (0.0.2)
      dry-auto_inject (~> 0.1)
      dry-configurable (~> 0.1)
      dry-container (~> 0.2, >= 0.2.7)
      inflecto (>= 0.0.2)

GEM
  remote: https://rubygems.org/
  specs:
    CFPropertyList (2.3.2)
    abstract_type (0.0.7)
    adamantium (0.2.0)
      ice_nine (~> 0.11.0)
      memoizable (~> 0.4.0)
    addressable (2.4.0)
    anima (0.3.0)
      abstract_type (~> 0.0.7)
      adamantium (~> 0.2)
      equalizer (~> 0.0.11)
    babosa (1.0.2)
    bcrypt (3.1.11)
    bugsnag (4.1.0)
    builder (3.2.2)
    byebug (9.0.3)
    capybara (2.7.1)
      addressable
      mime-types (>= 1.16)
      nokogiri (>= 1.3.3)
      rack (>= 1.0.0)
      rack-test (>= 0.5.4)
      xpath (~> 2.0)
    capybara-screenshot (1.0.12)
      capybara (>= 1.0, < 3)
      launchy
    cliver (0.3.2)
    codeclimate-test-reporter (0.5.0)
      simplecov (>= 0.7.1, < 1.0.0)
    coderay (1.1.1)
    concurrent-ruby (1.0.2)
    database_cleaner (1.5.3)
    diff-lcs (1.2.5)
    docile (1.1.5)
    dry-auto_inject (0.2.0)
    dry-configurable (0.1.6)
      concurrent-ruby (~> 1.0)
    dry-container (0.3.3)
      concurrent-ruby (~> 1.0)
      dry-configurable (~> 0.1, >= 0.1.3)
    dry-equalizer (0.2.0)
    dry-monads (0.0.1)
    dry-result_matcher (0.3.0)
      kleisli
    dry-transaction (0.6.0)
      dry-container (>= 0.2.8)
      kleisli
      wisper (>= 1.6.0)
    dry-view (0.1.0)
      dry-configurable (~> 0.1)
      dry-equalizer (~> 0.2)
      inflecto (~> 0)
      tilt (~> 2.0)
    equalizer (0.0.11)
    excon (0.45.4)
    faker (1.6.3)
      i18n (~> 0.5)
    ffi (1.9.10)
    fission (0.5.0)
      CFPropertyList (~> 2.2)
    fog (1.37.0)
      fog-aliyun (>= 0.1.0)
      fog-atmos
      fog-aws (>= 0.6.0)
      fog-brightbox (~> 0.4)
      fog-core (~> 1.32)
      fog-dynect (~> 0.0.2)
      fog-ecloud (~> 0.1)
      fog-google (<= 0.1.0)
      fog-json
      fog-local
      fog-powerdns (>= 0.1.1)
      fog-profitbricks
      fog-radosgw (>= 0.0.2)
      fog-riakcs
      fog-sakuracloud (>= 0.0.4)
      fog-serverlove
      fog-softlayer
      fog-storm_on_demand
      fog-terremark
      fog-vmfusion
      fog-voxel
      fog-vsphere (>= 0.4.0)
      fog-xenserver
      fog-xml (~> 0.1.1)
      ipaddress (~> 0.5)
    fog-aliyun (0.1.0)
      fog-core (~> 1.27)
      fog-json (~> 1.0)
      ipaddress (~> 0.8)
      xml-simple (~> 1.1)
    fog-atmos (0.1.0)
      fog-core
      fog-xml
    fog-aws (0.8.1)
      fog-core (~> 1.27)
      fog-json (~> 1.0)
      fog-xml (~> 0.1)
      ipaddress (~> 0.8)
    fog-brightbox (0.10.1)
      fog-core (~> 1.22)
      fog-json
      inflecto (~> 0.0.2)
    fog-core (1.35.0)
      builder
      excon (~> 0.45)
      formatador (~> 0.2)
    fog-dynect (0.0.2)
      fog-core
      fog-json
      fog-xml
    fog-ecloud (0.3.0)
      fog-core
      fog-xml
    fog-google (0.1.0)
      fog-core
      fog-json
      fog-xml
    fog-json (1.0.2)
      fog-core (~> 1.0)
      multi_json (~> 1.10)
    fog-local (0.2.1)
      fog-core (~> 1.27)
    fog-powerdns (0.1.1)
      fog-core (~> 1.27)
      fog-json (~> 1.0)
      fog-xml (~> 0.1)
    fog-profitbricks (0.0.5)
      fog-core
      fog-xml
      nokogiri
    fog-radosgw (0.0.5)
      fog-core (>= 1.21.0)
      fog-json
      fog-xml (>= 0.0.1)
    fog-riakcs (0.1.0)
      fog-core
      fog-json
      fog-xml
    fog-sakuracloud (1.7.5)
      fog-core
      fog-json
    fog-serverlove (0.1.2)
      fog-core
      fog-json
    fog-softlayer (1.0.3)
      fog-core
      fog-json
    fog-storm_on_demand (0.1.1)
      fog-core
      fog-json
    fog-terremark (0.1.0)
      fog-core
      fog-xml
    fog-vmfusion (0.1.0)
      fission
      fog-core
    fog-voxel (0.1.0)
      fog-core
      fog-xml
    fog-vsphere (0.5.0)
      fog-core
      rbvmomi (~> 1.8)
    fog-xenserver (0.2.3)
      fog-core
      fog-xml
    fog-xml (0.1.2)
      fog-core
      nokogiri (~> 1.5, >= 1.5.11)
    foreman (0.81.0)
      thor (~> 0.19.1)
    formatador (0.2.5)
    guard (2.13.0)
      formatador (>= 0.2.4)
      listen (>= 2.7, <= 4.0)
      lumberjack (~> 1.0)
      nenv (~> 0.1)
      notiffany (~> 0.0)
      pry (>= 0.9.12)
      shellany (~> 0.0)
      thor (>= 0.18.1)
    guard-compat (1.2.1)
    guard-rspec (4.6.5)
      guard (~> 2.1)
      guard-compat (~> 1.1)
      rspec (>= 2.99.0, < 4.0)
    i18n (0.7.0)
    ice_nine (0.11.2)
    inflecto (0.0.2)
    ipaddress (0.8.2)
    json (1.8.3)
    kleisli (0.2.7)
    launchy (2.4.3)
      addressable (~> 2.3)
    listen (3.1.4)
      rb-fsevent (~> 0.9, >= 0.9.4)
      rb-inotify (~> 0.9, >= 0.9.7)
      ruby_dep (~> 1.2)
    lumberjack (1.0.10)
    memoizable (0.4.2)
      thread_safe (~> 0.3, >= 0.3.1)
    method_source (0.8.2)
    mime-types (3.0)
      mime-types-data (~> 3.2015)
    mime-types-data (3.2016.0221)
    mini_portile2 (2.0.0)
    multi_json (1.12.0)
    nenv (0.3.0)
    nokogiri (1.6.7.2)
      mini_portile2 (~> 2.0.0.rc2)
    notiffany (0.0.8)
      nenv (~> 0.1)
      shellany (~> 0.0)
    pg (0.18.4)
    poltergeist (1.9.0)
      capybara (~> 2.1)
      cliver (~> 0.3.1)
      multi_json (~> 1.0)
      websocket-driver (>= 0.2.0)
    postmark (1.7.1)
      json
      rake
    pry (0.10.3)
      coderay (~> 1.1.0)
      method_source (~> 0.8.1)
      slop (~> 3.4)
    pry-byebug (3.4.0)
      byebug (~> 9.0)
      pry (~> 0.10)
    puma (3.4.0)
    que (0.11.5)
    rack (1.6.4)
    rack-rewrite (1.5.1)
    rack-ssl (1.4.1)
      rack
    rack-test (0.6.3)
      rack (>= 1.0)
    rack_csrf (2.5.0)
      rack (>= 1.1.0)
    rake (11.1.2)
    rb-fsevent (0.9.7)
    rb-inotify (0.9.7)
      ffi (>= 0.5.0)
    rbvmomi (1.8.2)
      builder
      nokogiri (>= 1.4.1)
      trollop
    redcarpet (3.3.2)
    roda (2.14.0)
      rack
    rspec (3.4.0)
      rspec-core (~> 3.4.0)
      rspec-expectations (~> 3.4.0)
      rspec-mocks (~> 3.4.0)
    rspec-core (3.4.4)
      rspec-support (~> 3.4.0)
    rspec-expectations (3.4.0)
      diff-lcs (>= 1.2.0, < 2.0)
      rspec-support (~> 3.4.0)
    rspec-mocks (3.4.1)
      diff-lcs (>= 1.2.0, < 2.0)
      rspec-support (~> 3.4.0)
    rspec-support (3.4.1)
    ruby_dep (1.3.1)
    sequel (4.34.0)
    shellany (0.0.1)
    shotgun (0.9.1)
      rack (>= 1.0)
    simplecov (0.11.2)
      docile (~> 1.1.0)
      json (~> 1.8)
      simplecov-html (~> 0.10.0)
    simplecov-html (0.10.0)
    site_prism (2.9)
      addressable (>= 2.3.3, < 3.0)
      capybara (>= 2.1, < 3.0)
    sitemap_generator (5.0.5)
      builder
    slim (3.0.6)
      temple (~> 0.7.3)
      tilt (>= 1.3.3, < 2.1)
    slop (3.6.0)
    temple (0.7.6)
    thor (0.19.1)
    thread_safe (0.3.5)
    tilt (2.0.4)
    trollop (2.1.2)
    websocket-driver (0.6.3)
      websocket-extensions (>= 0.1.0)
    websocket-extensions (0.1.2)
    wisper (1.6.1)
    xml-simple (1.1.5)
    xpath (2.0.0)
      nokogiri (~> 1.3)

PLATFORMS
  ruby

DEPENDENCIES
  babosa
  bcrypt
  bugsnag
  capybara
  capybara-screenshot
  codeclimate-test-reporter
  database_cleaner
  dry-component!
  dry-equalizer
  dry-logic!
  dry-result_matcher
  dry-transaction
  dry-types!
  dry-validation!
  dry-web!
  faker
  fog
  foreman
  formalist!
  guard-rspec
  i18n
  inflecto
  pg
  poltergeist
  postmark
  pry-byebug
  puma
  que
  rack-rewrite
  rack-ssl
  rack_csrf
  rake
  redcarpet
  rom!
  rom-mapper!
  rom-repository!
  rom-sql!
  rom-support!
  rspec
  shotgun
  site_prism
  sitemap_generator (~> 5.0.5)
  slim
  transproc!

BUNDLED WITH
   1.11.2
